GIT
  remote: git://github.com/thoughtbot/bourbon.git
  revision: 071f4ebc426483908c2f29fca15e7badca43a944
  tag: v3.2.0-beta.2 
  specs:
    bourbon (3.2.0.beta.2)
      sass (>= 3.3.0.rc.2)
      thor

GEM
  remote: https://rubygems.org/
  specs:
    ffi (1.9.3)
    listen (1.1.6)
      rb-fsevent (>= 0.9.3)
      rb-inotify (>= 0.9)
      rb-kqueue (>= 0.2)
    rb-fsevent (0.9.4)
    rb-inotify (0.9.3)
      ffi (>= 0.5.0)
    rb-kqueue (0.2.0)
      ffi (>= 0.5.0)
    sass (3.3.0.rc.2)
      listen (~> 1.1.0)
    thor (0.18.1)

PLATFORMS
  ruby

DEPENDENCIES
  bourbon!
  sass (>= 3.3.0.beta)
